GIT
  remote: https://github.com/CocoaPods/CLAide.git
  revision: 989df9f0cbd9a2dc35be22aa936637f4f024973a
  branch: master
  specs:
    claide (1.0.2)

GIT
  remote: https://github.com/CocoaPods/Core.git
  revision: 1da9b8bb0e48ee2d6500082bbff91a0e6783af28
  branch: master
  specs:
    cocoapods-core (1.6.0)
      activesupport (>= 4.0.2, < 6)
      fuzzy_match (~> 2.0.4)
      nap (~> 1.0)

GIT
  remote: https://github.com/CocoaPods/Molinillo.git
  revision: 03fe8ae1f1b84a2f2d68156992b68d5e123e61c1
  branch: master
  specs:
    molinillo (0.6.6)

GIT
  remote: https://github.com/CocoaPods/Nanaimo.git
  revision: 0935cf68ed21bc0b0a4b16e47cb79be7762bd16f
  branch: master
  specs:
    nanaimo (0.2.6)

GIT
  remote: https://github.com/CocoaPods/Xcodeproj.git
  revision: 992afb17a6998f087574ce6b2d6885c9031cb795
  branch: master
  specs:
    xcodeproj (1.8.1)
      CFPropertyList (>= 2.3.3, < 4.0)
      atomos (~> 0.1.3)
      claide (>= 1.0.2, < 2.0)
      colored2 (~> 3.1)
      nanaimo (~> 0.2.6)

GIT
  remote: https://github.com/CocoaPods/cocoapods-deintegrate.git
  revision: 1ab611bc066122b03a6229c0ea2988245aef14de
  branch: master
  specs:
    cocoapods-deintegrate (1.0.2)

GIT
  remote: https://github.com/CocoaPods/cocoapods-downloader.git
  revision: bc9e262fb441fdbea039a7d676e1193a32f50b11
  branch: master
  specs:
    cocoapods-downloader (1.2.2)

GIT
  remote: https://github.com/CocoaPods/cocoapods-plugins.git
  revision: 7008b756dcfb8fdd70192a9af5ef11490ceef227
  branch: master
  specs:
    cocoapods-plugins (1.0.0)
      nap

GIT
  remote: https://github.com/CocoaPods/cocoapods-search.git
  revision: 452eee08d6497c43afd4452c28f9d7b8da8686f1
  branch: master
  specs:
    cocoapods-search (1.0.0)

GIT
  remote: https://github.com/CocoaPods/cocoapods-stats.git
  revision: ad869b620a46c6ba5048b54d5772e1956d2d9d83
  branch: master
  specs:
    cocoapods-stats (1.1.0)

GIT
  remote: https://github.com/CocoaPods/cocoapods-trunk.git
  revision: 37db5cf0bfaac1f0692e516dc61dbd4f017b3928
  branch: master
  specs:
    cocoapods-trunk (1.3.1)
      nap (>= 0.8, < 2.0)
      netrc (~> 0.11)

GIT
  remote: https://github.com/CocoaPods/cocoapods-try.git
  revision: 2c0840a6ba64056931622abc1d11479ffcc4a31b
  branch: master
  specs:
    cocoapods-try (1.1.0)

GIT
  remote: https://github.com/dnkoutso/CocoaPods.git
  revision: 77be91d3d9b451bb438f5c1935d9e3814e630ab7
  ref: 77be91d3d9b451bb438f5c1935d9e3814e630ab7
  specs:
    cocoapods (1.6.0)
      activesupport (>= 4.0.2, < 5)
      claide (>= 1.0.2, < 2.0)
      cocoapods-core (= 1.6.0)
      cocoapods-deintegrate (>= 1.0.2, < 2.0)
      cocoapods-downloader (>= 1.2.2, < 2.0)
      cocoapods-plugins (>= 1.0.0, < 2.0)
      cocoapods-search (>= 1.0.0, < 2.0)
      cocoapods-stats (>= 1.0.0, < 2.0)
      cocoapods-trunk (>= 1.3.1, < 2.0)
      cocoapods-try (>= 1.1.0, < 2.0)
      colored2 (~> 3.1)
      escape (~> 0.0.4)
      fourflusher (>= 2.2.0, < 3.0)
      gh_inspector (~> 1.0)
      molinillo (~> 0.6.6)
      nap (~> 1.0)
      ruby-macho (~> 1.3, >= 1.3.1)
      xcodeproj (>= 1.8.1, < 2.0)

GEM
  remote: https://rubygems.org/
  specs:
    CFPropertyList (3.0.0)
    activesupport (4.2.11)
      i18n (~> 0.7)
      minitest (~> 5.1)
      thread_safe (~> 0.3, >= 0.3.4)
      tzinfo (~> 1.1)
    atomos (0.1.3)
    colored2 (3.1.2)
    concurrent-ruby (1.1.4)
    escape (0.0.4)
    fourflusher (2.2.0)
    fuzzy_match (2.0.4)
    gh_inspector (1.1.3)
    i18n (0.9.5)
      concurrent-ruby (~> 1.0)
    minitest (5.11.3)
    nap (1.1.0)
    netrc (0.11.0)
    ruby-macho (1.3.1)
    thread_safe (0.3.6)
    tzinfo (1.2.5)
      thread_safe (~> 0.1)

PLATFORMS
  ruby

DEPENDENCIES
  claide!
  cocoapods!
  cocoapods-core!
  cocoapods-deintegrate!
  cocoapods-downloader!
  cocoapods-plugins!
  cocoapods-search!
  cocoapods-stats!
  cocoapods-trunk!
  cocoapods-try!
  molinillo!
  nanaimo!
  xcodeproj!

BUNDLED WITH
   2.0.1
